GEM
  remote: https://rubygems.org/
  specs:
    backports (3.6.6)
    erubis (2.7.0)
    json (1.8.3)
    multi_json (1.11.2)
    puma (3.5.2)
    rack (1.6.4)
    rack-protection (1.5.3)
      rack
    rack-test (0.6.3)
      rack (>= 1.0)
    rake (10.4.2)
    sinatra (1.4.6)
      rack (~> 1.4)
      rack-protection (~> 1.4)
      tilt (>= 1.3, < 3)
    sinatra-contrib (1.4.6)
      backports (>= 2.0)
      multi_json
      rack-protection
      rack-test
      sinatra (~> 1.4.0)
      tilt (>= 1.3, < 3)
    tilt (2.0.1)

PLATFORMS
  ruby

DEPENDENCIES
  erubis
  json
  puma
  rake
  sinatra
  sinatra-contrib

RUBY VERSION
   ruby 2.2.2p95

BUNDLED WITH
   1.12.5
